GEM
  remote: https://rubygems.org/
  specs:
    byebug (11.1.3)

PLATFORMS
  ruby
  x86_64-darwin-20

DEPENDENCIES
  byebug

BUNDLED WITH
   2.3.7
